GEM
  specs:
    geocoder (1.8.1)

PLATFORMS
  arm64-darwin-21

DEPENDENCIES
  geocoder

BUNDLED WITH
   2.3.25
